GEM
  remote: https://rubygems.org/
  specs:
    diff-lcs (1.2.5)
    highline (1.6.20)
    kitchen-vagrant (0.14.0)
      test-kitchen (~> 1.0)
    mixlib-shellout (1.3.0)
    net-scp (1.1.2)
      net-ssh (>= 2.6.5)
    net-ssh (2.7.0)
    rspec (2.14.1)
      rspec-core (~> 2.14.0)
      rspec-expectations (~> 2.14.0)
      rspec-mocks (~> 2.14.0)
    rspec-core (2.14.7)
    rspec-expectations (2.14.4)
      diff-lcs (>= 1.1.3, < 2.0)
    rspec-mocks (2.14.4)
    safe_yaml (0.9.7)
    serverspec (0.14.2)
      highline
      net-ssh
      rspec (>= 2.13.0)
      specinfra (>= 0.1.0)
    specinfra (0.1.1)
    test-kitchen (1.1.1)
      mixlib-shellout (~> 1.2)
      net-scp (~> 1.1)
      net-ssh (~> 2.7)
      safe_yaml (~> 0.9)
      thor (~> 0.18)
    thor (0.18.1)

PLATFORMS
  ruby

DEPENDENCIES
  kitchen-vagrant
  serverspec
  test-kitchen
